GEM
  remote: https://rubygems.org/
  specs:
    cli-ui (2.2.3)

PLATFORMS
  arm64-darwin-23
  ruby

DEPENDENCIES
  cli-ui

BUNDLED WITH
   2.5.11
